GEM
  remote: https://rubygems.org/
  specs:
    minitest (5.14.2)
    terminal-table (2.0.0)
      unicode-display_width (~> 1.1, >= 1.1.1)
    unicode-display_width (1.7.0)

PLATFORMS
  x86_64-linux

DEPENDENCIES
  minitest (~> 5.8, >= 5.8.4)
  terminal-table (~> 2.0)

BUNDLED WITH
   2.2.3
